GEM
  remote: https://rubygems.org/
  specs:
    concurrent-ruby (1.1.3)
    faker (1.9.1)
      i18n (>= 0.7)
    i18n (1.1.1)
      concurrent-ruby (~> 1.0)
    priority_queue_cxx (0.3.4)

PLATFORMS
  ruby

DEPENDENCIES
  bundler
  faker
  priority_queue_cxx

BUNDLED WITH
   1.16.5
